GEM
  specs:

PLATFORMS
  x64-mingw-ucrt

DEPENDENCIES
  rubocop (>= 3.0, < 4.0)

BUNDLED WITH
   2.3.7
